PATH
  remote: .
  specs:
    rack-showme (0.0.2.1)

GEM
  remote: http://rubygems.org/
  specs:
    rake (10.0.4)

PLATFORMS
  ruby

DEPENDENCIES
  rack-showme!
  rake (~> 10.0.4)
